PATH
  remote: .
  specs:
    fluent-plugin-kubernetes_sumologic (0.0.1)
      fluentd (>= 0.14.12)
      httpclient (~> 2.8.0)

GEM
  remote: https://rubygems.org/
  specs:
    addressable (2.5.2)
      public_suffix (>= 2.0.2, < 4.0)
    codecov (0.1.10)
      json
      simplecov
      url
    cool.io (1.5.3)
    crack (0.4.3)
      safe_yaml (~> 1.0.0)
    dig_rb (1.0.1)
    docile (1.3.1)
    fluentd (1.4.0)
      cool.io (>= 1.4.5, < 2.0.0)
      dig_rb (~> 1.0.0)
      http_parser.rb (>= 0.5.1, < 0.7.0)
      msgpack (>= 0.7.0, < 2.0.0)
      serverengine (>= 2.0.4, < 3.0.0)
      sigdump (~> 0.2.2)
      strptime (>= 0.2.2, < 1.0.0)
      tzinfo (~> 1.0)
      tzinfo-data (~> 1.0)
      yajl-ruby (~> 1.0)
    hashdiff (0.3.7)
    http_parser.rb (0.6.0)
    httpclient (2.8.3)
    json (2.1.0)
    msgpack (1.2.9)
    power_assert (1.1.3)
    public_suffix (3.0.2)
    rake (12.3.1)
    safe_yaml (1.0.4)
    serverengine (2.1.0)
      sigdump (~> 0.2.2)
    sigdump (0.2.4)
    simplecov (0.16.1)
      docile (~> 1.1)
      json (>= 1.8, < 3)
      simplecov-html (~> 0.10.0)
    simplecov-html (0.10.2)
    strptime (0.2.3)
    test-unit (3.1.9)
      power_assert
    thread_safe (0.3.6)
    tzinfo (1.2.5)
      thread_safe (~> 0.1)
    tzinfo-data (1.2018.9)
      tzinfo (>= 1.0.0)
    url (0.3.2)
    webmock (3.4.2)
      addressable (>= 2.3.6)
      crack (>= 0.3.2)
      hashdiff
    yajl-ruby (1.4.1)

PLATFORMS
  ruby

DEPENDENCIES
  bundler (~> 2)
  codecov
  fluent-plugin-kubernetes_sumologic!
  rake
  simplecov
  test-unit (~> 3.1.0)
  webmock

BUNDLED WITH
   2.0.1
